GEM
  remote: https://rubygems.org/
  specs:
    beefcake (0.3.7)
    builder (3.2.2)
    coderay (1.1.0)
    i18n (0.6.5)
    innertube (1.0.2)
    method_source (0.8.2)
    multi_json (1.8.2)
    pry (0.9.12.3)
      coderay (~> 1.0)
      method_source (~> 0.8)
      slop (~> 3.4)
    riak-client (1.4.2)
      beefcake (~> 0.3.7)
      builder (>= 2.1.2)
      i18n (>= 0.4.0)
      innertube (~> 1.0.2)
      multi_json (~> 1.0)
    ruby-progressbar (1.2.0)
    slop (3.4.7)
    thor (0.18.1)

PLATFORMS
  ruby

DEPENDENCIES
  multi_json
  pry
  riak-client
  ruby-progressbar
  thor
